GEM
  remote: http://rubygems.org/
  specs:
    addressable (2.3.8)
    awesome_print (1.6.1)
    bloomfilter-rb (2.1.1)
      redis
    buftok (0.2.0)
    cookiejar (0.3.2)
    daemons (1.2.2)
    dotenv (2.0.1)
    em-http-request (1.0.3)
      addressable (>= 2.2.3)
      cookiejar
      em-socksify
      eventmachine (>= 1.0.0.beta.4)
      http_parser.rb (>= 0.5.3)
    em-socksify (0.3.0)
      eventmachine (>= 1.0.0.beta.4)
    em-twitter (0.3.5)
      buftok (~> 0.2)
      eventmachine (~> 1.0)
      http_parser.rb (~> 0.6)
      simple_oauth (~> 0.2)
    engtagger (0.2.0)
    eventmachine (1.0.7)
    faraday (0.9.1)
      multipart-post (>= 1.2, < 3)
    fast-stemmer (1.0.2)
    gingerice (1.2.2)
      addressable
      awesome_print
    highscore (1.2.0)
      bloomfilter-rb (>= 2.1.1)
      whatlanguage (>= 1.0.0)
    htmlentities (4.3.3)
    http_parser.rb (0.6.0)
    minitest (5.6.1)
    multi_json (1.11.0)
    multipart-post (2.0.0)
    redis (3.2.1)
    rufus-scheduler (3.1.1)
    simple_oauth (0.3.1)
    tweetstream (2.5.0)
      daemons (~> 1.1)
      em-http-request (~> 1.0.2)
      em-twitter (~> 0.2)
      twitter (~> 4.5)
      yajl-ruby (~> 1.1)
    twitter (4.8.1)
      faraday (~> 0.8, < 0.10)
      multi_json (~> 1.0)
      simple_oauth (~> 0.2)
    twitter_ebooks (2.2.6)
      engtagger
      fast-stemmer
      gingerice
      highscore
      htmlentities
      minitest
      rufus-scheduler
      tweetstream (= 2.5)
      twitter (~> 4.5)
    whatlanguage (1.0.5)
    yajl-ruby (1.2.1)

PLATFORMS
  x86-mingw32

DEPENDENCIES
  dotenv
  twitter_ebooks (= 2.2.6)
